PATH
  remote: ../..
  specs:

GEM
  remote: https://rubygems.org/
  specs:

PLATFORMS
  ruby

DEPENDENCIES
  ki!

BUNDLED WITH
   1.13.2
